PATH
  remote: .
  specs:
    talkgh (0.1.0)
      jwt (~> 2)

GEM
  remote: https://rubygems.org/
  specs:
    addressable (2.7.0)
      public_suffix (>= 2.0.2, < 5.0)
    crack (0.4.3)
      safe_yaml (~> 1.0.0)
    docile (1.3.2)
    hashdiff (1.0.1)
    json (2.3.0)
    jwt (2.2.1)
    minitest (5.12.0)
    public_suffix (3.1.1)
    rake (12.3.3)
    safe_yaml (1.0.5)
    simplecov (0.17.1)
      docile (~> 1.1)
      json (>= 1.8, < 3)
      simplecov-html (~> 0.10.0)
    simplecov-html (0.10.2)
    webmock (3.8.2)
      addressable (>= 2.3.6)
      crack (>= 0.3.2)
      hashdiff (>= 0.4.0, < 2.0.0)

PLATFORMS
  ruby

DEPENDENCIES
  minitest (~> 5.0)
  rake (~> 12.0)
  simplecov (~> 0.16)
  talkgh!
  webmock (~> 3.0)

BUNDLED WITH
   2.0.1
